GEM
  remote: https://rubygems.org/
  specs:
    bcrypt_pbkdf (1.1.0)
    ed25519 (1.3.0)
    net-sftp (4.0.0)
      net-ssh (>= 5.0.0, < 8.0.0)
    net-ssh (7.1.0)

PLATFORMS
  x86_64-darwin-22

DEPENDENCIES
  bcrypt_pbkdf
  ed25519
  net-sftp

BUNDLED WITH
   2.2.33
